GIT
  remote: git://github.com/icambron/ratom.git
  revision: 38e90a1bc80aa6516171ee2f3fde3045cd5996a1
  specs:
    ratom (0.6.9)
      libxml-ruby (>= 1.1.2)

GIT
  remote: git://github.com/icambron/spandex.git
  revision: 560eae0ff8b07d0be26bd330ad7c0adbb061f305
  specs:
    spandex (0.0.4)
      ratom
      tilt

GEM
  remote: http://gemcutter.org/
  specs:
    activesupport (3.1.0)
      multi_json (~> 1.0)
    addressable (2.2.6)
    blankslate (2.1.2.4)
    erector (0.8.3)
      rake
      rake
      treetop
      treetop (>= 1.2.3)
    faraday (0.7.4)
      addressable (~> 2.2.6)
      multipart-post (~> 1.1.0)
      rack (< 2, >= 1.1.0)
    faraday_middleware (0.7.0)
      faraday (~> 0.7.3)
    ffi (1.0.9)
    hashie (1.1.0)
    i18n (0.6.0)
    libxml-ruby (2.2.2)
    multi_json (1.0.3)
    multi_xml (0.4.1)
    multipart-post (1.1.3)
    polyglot (0.3.2)
    pygments.rb (0.2.3)
      rubypython (>= 0.5.1)
    rack (1.3.3)
    rake (0.9.2)
    redcarpet (2.0.0b5)
    rubypython (0.5.1)
      blankslate (>= 2.1.2.3)
      ffi (~> 1.0.7)
    sass (3.1.7)
    simple_oauth (0.1.5)
    sinatra (1.2.6)
      rack (~> 1.1)
      tilt (< 2.0, >= 1.2.2)
    tilt (1.3.3)
    treetop (1.4.10)
      polyglot
      polyglot (>= 0.3.1)
    twitter (1.7.2)
      faraday (~> 0.7.4)
      faraday_middleware (~> 0.7.0)
      hashie (~> 1.1.0)
      multi_json (~> 1.0.0)
      multi_xml (~> 0.4.0)
      simple_oauth (~> 0.1.5)
    twitter-text (1.4.11)
      activesupport

PLATFORMS
  ruby

DEPENDENCIES
  erector
  i18n
  pygments.rb
  ratom!
  redcarpet (= 2.0.0b5)
  sass
  sinatra
  spandex!
  twitter
  twitter-text
