GEM
  remote: http://rubygems.org/
  specs:
    activesupport (3.2.1)
      i18n (~> 0.6)
      multi_json (~> 1.0)
    addressable (2.2.6)
    blankslate (2.1.2.4)
    daemons (1.1.8)
    erector (0.8.3)
      rake
      rake
      treetop
      treetop (>= 1.2.3)
    eventmachine (0.12.10)
    execjs (1.4.0)
      multi_json (~> 1.0)
    faraday (0.7.6)
      addressable (~> 2.2)
      multipart-post (~> 1.1)
      rack (~> 1.1)
    ffi (1.0.11)
    foreman (0.47.0)
      thor (>= 0.13.6)
    hike (1.2.1)
    i18n (0.6.0)
    libxml-ruby (2.2.2)
    multi_json (1.0.4)
    multipart-post (1.1.4)
    polyglot (0.3.3)
    pygments.rb (0.2.3)
      rubypython (>= 0.5.1)
    rack (1.4.1)
    rack-protection (1.2.0)
      rack
    rake (0.9.2.2)
    ratom (0.6.10)
      libxml-ruby (>= 1.1.2)
    redcarpet (2.0.0b5)
    rubypython (0.5.1)
      blankslate (>= 2.1.2.3)
      ffi (~> 1.0.7)
    sass (3.1.12)
    simple_oauth (0.1.5)
    sinatra (1.3.2)
      rack (~> 1.3, >= 1.3.6)
      rack-protection (~> 1.2)
      tilt (~> 1.3, >= 1.3.3)
    spandex (0.0.7)
      ratom
      tilt
    sprockets (2.4.4)
      hike (~> 1.2)
      multi_json (~> 1.0)
      rack (~> 1.0)
      tilt (~> 1.1, != 1.3.0)
    sprockets-helpers (0.6.0)
      sprockets (~> 2.0)
    sprockets-sass (0.9.0)
      sprockets (~> 2.0)
      tilt (~> 1.1)
    thin (1.4.1)
      daemons (>= 1.0.9)
      eventmachine (>= 0.12.6)
      rack (>= 1.0.0)
    thor (0.14.6)
    tilt (1.3.3)
    treetop (1.4.10)
      polyglot
      polyglot (>= 0.3.1)
    twitter (2.1.0)
      activesupport (>= 2.3.9, < 4)
      faraday (~> 0.7)
      multi_json (~> 1.0)
      simple_oauth (~> 0.1)
    twitter-text (1.4.15)
      activesupport
    uglifier (1.2.4)
      execjs (>= 0.3.0)
      multi_json (>= 1.0.2)

PLATFORMS
  ruby

DEPENDENCIES
  erector
  foreman
  pygments.rb (= 0.2.3)
  ratom
  redcarpet
  rubypython (= 0.5.1)
  sass
  sinatra
  spandex
  sprockets
  sprockets-helpers
  sprockets-sass
  thin
  twitter
  twitter-text
  uglifier
